GEM
  remote: https://rubygems.org/
  specs:
    activesupport (4.2.8)
      i18n (~> 0.7)
      minitest (~> 5.1)
      thread_safe (~> 0.3, >= 0.3.4)
      tzinfo (~> 1.1)
    addressable (2.5.1)
      public_suffix (~> 2.0, >= 2.0.2)
    bibtex-ruby (4.4.3)
      latex-decode (~> 0.0)
    citeproc (1.0.5)
      namae (~> 0.8)
    citeproc-ruby (1.1.6)
      citeproc (>= 1.0.4, < 2.0)
      csl (~> 1.4)
    colorator (0.1)
    colored (1.2)
    csl (1.4.5)
      namae (~> 0.7)
    csl-styles (1.0.1.7)
      csl (~> 1.0)
    ethon (0.10.1)
      ffi (>= 1.3.0)
    ffi (1.9.18)
    html-proofer (3.0.6)
      activesupport (~> 4.2)
      addressable (~> 2.3)
      colored (~> 1.2)
      mercenary (~> 0.3.2)
      nokogiri (~> 1.5)
      parallel (~> 1.3)
      typhoeus (~> 0.7)
      yell (~> 2.0)
    i18n (0.8.1)
    jekyll (3.1.6)
      colorator (~> 0.1)
      jekyll-sass-converter (~> 1.0)
      jekyll-watch (~> 1.1)
      kramdown (~> 1.3)
      liquid (~> 3.0)
      mercenary (~> 0.3.3)
      rouge (~> 1.7)
      safe_yaml (~> 1.0)
    jekyll-sass-converter (1.5.0)
      sass (~> 3.4)
    jekyll-scholar (5.8.2)
      bibtex-ruby (~> 4.0, >= 4.0.13)
      citeproc-ruby (~> 1.0)
      csl-styles (~> 1.0)
      jekyll (~> 3.0)
    jekyll-watch (1.5.0)
      listen (~> 3.0, < 3.1)
    kramdown (1.13.2)
    latex-decode (0.2.2)
      unicode (~> 0.4)
    liquid (3.0.6)
    listen (3.0.8)
      rb-fsevent (~> 0.9, >= 0.9.4)
      rb-inotify (~> 0.9, >= 0.9.7)
    mercenary (0.3.6)
    mini_portile2 (2.1.0)
    minitest (5.10.2)
    namae (0.11.3)
    nokogiri (1.7.2)
      mini_portile2 (~> 2.1.0)
    parallel (1.11.2)
    public_suffix (2.0.5)
    rb-fsevent (0.9.8)
    rb-inotify (0.9.8)
      ffi (>= 0.5.0)
    rouge (1.11.1)
    safe_yaml (1.0.4)
    sass (3.4.24)
    thread_safe (0.3.6)
    typhoeus (0.8.0)
      ethon (>= 0.8.0)
    tzinfo (1.2.3)
      thread_safe (~> 0.1)
    unicode (0.4.4.4)
    yell (2.0.7)

PLATFORMS
  ruby

DEPENDENCIES
  html-proofer (= 3.0.6)
  jekyll (= 3.1.6)
  jekyll-scholar (= 5.8.2)

BUNDLED WITH
   1.14.6
